GEM
  remote: https://rubygems.org/
  specs:
    minitest (5.22.3)
    rack (3.0.11)
    rackup (2.1.0)
      rack (>= 3)
      webrick (~> 1.8)
    rake (13.2.1)
    webrick (1.8.1)

PLATFORMS
  arm64-darwin-23
  ruby

DEPENDENCIES
  minitest
  rackup
  rake

BUNDLED WITH
   2.5.10
